GEM
  remote: https://rubygems.org/
  specs:
    awesome_print (1.7.0)
    ffi (1.9.18)
    interactive_editor (0.0.10)
      spoon (>= 0.0.1)
    spoon (0.0.6)
      ffi
    wirble (0.1.3)

PLATFORMS
  ruby

DEPENDENCIES
  awesome_print (~> 1.7)
  interactive_editor (~> 0.0)
  wirble (~> 0.1)

BUNDLED WITH
   1.13.7
